GIT
  remote: https://github.com/evanphx/puma.git
  revision: b7953adb67959d773358acc226047f19343602cd
  specs:
    puma (0.8.0)

GEM
  remote: http://rubygems.org/
  specs:
    backports (2.3.0)
    builder (3.0.0)
    chunky_png (1.2.5)
    coffee-script (2.2.0)
      coffee-script-source
      execjs
    coffee-script-source (1.1.2)
    compass (0.11.5)
      chunky_png (~> 1.2)
      fssm (>= 0.2.7)
      sass (~> 3.1)
    daemons (1.1.4)
    eventmachine (0.12.10)
    execjs (1.2.9)
      multi_json (~> 1.0)
    fssm (0.2.7)
    kgio (2.6.0)
    multi_json (1.0.3)
    rack (1.3.4)
    raindrops (0.8.0)
    rdiscount (1.6.8)
    sass (3.1.10)
    sinatra (1.2.7)
      rack (~> 1.1)
      tilt (>= 1.2.2, < 2.0)
    slim (1.0.3)
      temple (~> 0.3.4)
      tilt (~> 1.3.2)
    temple (0.3.4)
    thin (1.2.11)
      daemons (>= 1.0.9)
      eventmachine (>= 0.12.6)
      rack (>= 1.0.0)
    tilt (1.3.3)
    unicorn (4.1.1)
      kgio (~> 2.4)
      rack
      raindrops (~> 0.6)

PLATFORMS
  ruby

DEPENDENCIES
  backports
  builder
  coffee-script
  compass
  puma!
  rack (~> 1.3)
  rdiscount
  sass
  sinatra (~> 1.2.7)
  slim
  thin
  unicorn
